GEM
  remote: https://rubygems.org/
  specs:
    diff-lcs (1.3)
    pkg-config (1.5.5)
    rmagick (5.3.0)
      pkg-config (~> 1.4)
    rspec (3.8.0)
      rspec-core (~> 3.8.0)
      rspec-expectations (~> 3.8.0)
      rspec-mocks (~> 3.8.0)
    rspec-core (3.8.0)
      rspec-support (~> 3.8.0)
    rspec-expectations (3.8.3)
      diff-lcs (>= 1.2.0, < 2.0)
      rspec-support (~> 3.8.0)
    rspec-mocks (3.8.0)
      diff-lcs (>= 1.2.0, < 2.0)
      rspec-support (~> 3.8.0)
    rspec-support (3.8.0)

PLATFORMS
  ruby

DEPENDENCIES
  rmagick (~> 5.3.0)
  rspec

BUNDLED WITH
   2.0.1
